GIT
  remote: git://github.com/espresse/simple_rack_framework.git
  revision: 225945b60ab42e9d1049bfd3a9d9c3c9ef6d3e37
  specs:
    simple_rack_framework (0.0.7)
      erubis
      extlib
      facets
      http_router
      rack
      rack-contrib
      rack-flash
      rack-jsonp
      rack_csrf
      tilt

GIT
  remote: git://github.com/espresse/simple_rack_framework_contrib.git
  revision: 99e013d58be48cd7621109e93159b982438fc34b
  specs:
    simple_rack_framework_contrib (0.0.2)
      facets

GEM
  remote: http://rubygems.org/
  specs:
    activemodel (3.1.3)
      activesupport (= 3.1.3)
      builder (~> 3.0.0)
      i18n (~> 0.6)
    activesupport (3.1.3)
      multi_json (~> 1.0)
    bcrypt-ruby (3.0.1)
    bson (1.5.2)
    bson_ext (1.5.2)
      bson (= 1.5.2)
    builder (3.0.0)
    daemons (1.1.5)
    erubis (2.7.0)
    eventmachine (0.12.10)
    extlib (0.9.15)
    facets (2.9.2)
    http_router (0.10.2)
      rack (>= 1.0.0)
      url_mount (~> 0.2.1)
    i18n (0.6.0)
    mongo (1.5.2)
      bson (= 1.5.2)
    mongoid (2.3.4)
      activemodel (~> 3.1)
      mongo (~> 1.3)
      tzinfo (~> 0.3.22)
    multi_json (1.0.4)
    rack (1.3.5)
    rack-contrib (1.1.0)
      rack (>= 0.9.1)
    rack-flash (0.1.2)
      rack
    rack-jsonp (1.3.0)
      rack
    rack_csrf (2.3.0)
      rack (>= 0.9)
    thin (1.3.1)
      daemons (>= 1.0.9)
      eventmachine (>= 0.12.6)
      rack (>= 1.0.0)
    tilt (1.3.3)
    tzinfo (0.3.31)
    url_mount (0.2.1)
      rack

PLATFORMS
  ruby

DEPENDENCIES
  bcrypt-ruby
  bson_ext (~> 1.4)
  erubis
  extlib
  facets
  http_router
  mongoid (~> 2.3)
  rack
  rack-contrib
  rack-flash
  rack-jsonp
  rack_csrf
  simple_rack_framework!
  simple_rack_framework_contrib!
  thin
  tilt
